PATH
  remote: .
  specs:
    taobaoSDK (0.0.1)
      json (~> 1.8.0)
      rest-client (~> 1.6.7)
      xml-mapping

GEM
  remote: http://ruby.taobao.org/
  specs:
    diff-lcs (1.1.3)
    json (1.8.0)
    mime-types (1.23)
    rest-client (1.6.7)
      mime-types (>= 1.16)
    rspec (2.8.0)
      rspec-core (~> 2.8.0)
      rspec-expectations (~> 2.8.0)
      rspec-mocks (~> 2.8.0)
    rspec-core (2.8.0)
    rspec-expectations (2.8.0)
      diff-lcs (~> 1.1.2)
    rspec-mocks (2.8.0)
    xml-mapping (0.9.1)

PLATFORMS
  ruby

DEPENDENCIES
  rspec (~> 2.6)
  taobaoSDK!
